PATH
  remote: .
  specs:
    rss_watcher (0.1.1)
      rss (~> 0.2.8)

GEM
  remote: https://rubygems.org/
  specs:
    minitest (5.14.0)
    rake (10.5.0)
    rss (0.2.8)

PLATFORMS
  ruby

DEPENDENCIES
  bundler (~> 1.17)
  minitest (~> 5.0)
  rake (~> 10.0)
  rss_watcher!

BUNDLED WITH
   1.17.3
